GEM
  remote: https://rubygems.org/
  specs:
    base64 (0.2.0)
    dotenv (2.8.1)
    httparty (0.21.0)
      mini_mime (>= 1.0.0)
      multi_xml (>= 0.5.2)
    mini_mime (1.1.5)
    multi_xml (0.6.0)
    mustermann (3.0.0)
      ruby2_keywords (~> 0.0.1)
    rack (3.0.9.1)
    rack-protection (4.0.0)
      base64 (>= 0.1.0)
      rack (>= 3.0.0, < 4)
    rack-session (2.0.0)
      rack (>= 3.0.0)
    ruby2_keywords (0.0.5)
    sinatra (4.0.0)
      mustermann (~> 3.0)
      rack (>= 3.0.0, < 4)
      rack-protection (= 4.0.0)
      rack-session (>= 2.0.0, < 3)
      tilt (~> 2.0)
    sqlite3 (1.7.2-aarch64-linux)
    sqlite3 (1.7.2-arm-linux)
    sqlite3 (1.7.2-arm64-darwin)
    sqlite3 (1.7.2-x86-linux)
    sqlite3 (1.7.2-x86_64-darwin)
    sqlite3 (1.7.2-x86_64-linux)
    tilt (2.3.0)

PLATFORMS
  aarch64-linux
  arm-linux
  arm64-darwin
  x86-linux
  x86_64-darwin
  x86_64-linux

DEPENDENCIES
  dotenv
  httparty
  sinatra
  sqlite3

BUNDLED WITH
   2.5.6
